GEM
  remote: http://rubygems.org/
  specs:
    capistrano (3.0.0)
      i18n
      rake (>= 10.0.0)
      sshkit (>= 0.0.23)
    capistrano-calendar (0.1.2)
      capistrano (>= 2.5.5)
      gdata_19 (>= 1.1.0)
      json
    capistrano-multiconfig (0.0.4)
      capistrano (>= 2.5.5)
    capistrano-patch (0.0.2)
      capistrano (>= 2.5.5)
    capistrano-uptodate (0.0.2)
      capistrano (>= 2.5.5)
    capistrano_colors (0.5.5)
    gdata_19 (1.1.5)
    i18n (0.6.5)
    json (1.8.0)
    net-scp (1.1.2)
      net-ssh (>= 2.6.5)
    net-ssh (2.7.0)
    rake (10.1.0)
    sshkit (1.0.0)
      net-scp
      net-ssh
      term-ansicolor
    term-ansicolor (1.2.2)
      tins (~> 0.8)
    tins (0.12.0)

PLATFORMS
  ruby

DEPENDENCIES
  capistrano
  capistrano-calendar
  capistrano-multiconfig
  capistrano-patch
  capistrano-uptodate
  capistrano_colors
